GEM
  remote: https://www.rubygems.org/
  specs:
    base64 (0.2.0)
    bigdecimal (3.1.6)
    coderay (1.1.3)
    concurrent-ruby (1.2.3)
    connection_pool (2.4.1)
    dotenv (3.0.0)
    dry-core (1.0.1)
      concurrent-ruby (~> 1.0)
      zeitwerk (~> 2.6)
    dry-monads (1.6.0)
      concurrent-ruby (~> 1.0)
      dry-core (~> 1.0, < 2)
      zeitwerk (~> 2.6)
    faraday (2.9.0)
      faraday-net_http (>= 2.0, < 3.2)
    faraday-net_http (3.1.0)
      net-http
    ffi (1.16.3)
    foreman (0.87.2)
    listen (3.8.0)
      rb-fsevent (~> 0.10, >= 0.10.3)
      rb-inotify (~> 0.9, >= 0.9.10)
    method_source (1.0.0)
    minitest (5.22.2)
    mustermann (3.0.0)
      ruby2_keywords (~> 0.0.1)
    net-http (0.4.1)
      uri
    nio4r (2.7.0)
    pg (1.5.4)
    pry (0.14.2)
      coderay (~> 1.1)
      method_source (~> 1.0)
    puma (6.4.2)
      nio4r (~> 2.0)
    rack (3.0.9)
    rack-protection (4.0.0)
      base64 (>= 0.1.0)
      rack (>= 3.0.0, < 4)
    rack-session (2.0.0)
      rack (>= 3.0.0)
    rack-test (2.1.0)
      rack (>= 1.3)
    rake (13.1.0)
    rb-fsevent (0.11.2)
    rb-inotify (0.10.1)
      ffi (~> 1.0)
    redis-client (0.20.0)
      connection_pool
    rerun (0.14.0)
      listen (~> 3.0)
    ruby2_keywords (0.0.5)
    sequel (5.77.0)
      bigdecimal
    sidekiq (7.2.1)
      concurrent-ruby (< 2)
      connection_pool (>= 2.3.0)
      rack (>= 2.2.4)
      redis-client (>= 0.19.0)
    sinatra (4.0.0)
      mustermann (~> 3.0)
      rack (>= 3.0.0, < 4)
      rack-protection (= 4.0.0)
      rack-session (>= 2.0.0, < 3)
      tilt (~> 2.0)
    tilt (2.3.0)
    timecop (0.9.8)
    uri (0.13.0)
    zeitwerk (2.6.13)

PLATFORMS
  x86_64-linux

DEPENDENCIES
  dotenv
  dry-monads
  faraday
  foreman
  minitest
  pg
  pry
  puma
  rack-test
  rake
  rerun
  sequel
  sidekiq
  sinatra
  timecop

RUBY VERSION
   ruby 3.2.3p157

BUNDLED WITH
   2.4.19
